PATH
  remote: .
  specs:
    jira4r (0.2.0)
      soap4r

GEM
  remote: https://rubygems.org/
  specs:
    bump (0.4.3)
    diff-lcs (1.2.4)
    httpclient (2.3.4.1)
    rake (10.1.0)
    rspec (2.14.1)
      rspec-core (~> 2.14.0)
      rspec-expectations (~> 2.14.0)
      rspec-mocks (~> 2.14.0)
    rspec-core (2.14.5)
    rspec-expectations (2.14.3)
      diff-lcs (>= 1.1.3, < 2.0)
    rspec-mocks (2.14.3)
    soap4r (1.5.8)
      httpclient (>= 2.1.1)

PLATFORMS
  ruby

DEPENDENCIES
  bump
  jira4r!
  rake
  rspec
