PATH
  remote: .
  specs:
    jira4r (1.3.0)
      soap4r-ng

GEM
  remote: https://rubygems.org/
  specs:
    bump (0.5.3)
    diff-lcs (1.2.5)
    httpclient (2.7.1)
    logger-application (0.0.2)
    rake (10.5.0)
    rspec (3.4.0)
      rspec-core (~> 3.4.0)
      rspec-expectations (~> 3.4.0)
      rspec-mocks (~> 3.4.0)
    rspec-core (3.4.3)
      rspec-support (~> 3.4.0)
    rspec-expectations (3.4.0)
      diff-lcs (>= 1.2.0, < 2.0)
      rspec-support (~> 3.4.0)
    rspec-mocks (3.4.1)
      diff-lcs (>= 1.2.0, < 2.0)
      rspec-support (~> 3.4.0)
    rspec-support (3.4.1)
    soap4r-ng (2.0.3)
      httpclient (~> 2.6)
      logger-application (~> 0.0.2)

PLATFORMS
  ruby

DEPENDENCIES
  bump
  jira4r!
  rake
  rspec

BUNDLED WITH
   1.11.2
